PATH
  remote: .
  specs:
    httpcap-rb (0.1.0)
      http-parser-lite
      reassemble_tcp

GEM
  remote: https://rubygems.org/
  specs:
    ast (2.4.0)
    byebug (11.0.0)
    coderay (1.1.2)
    diff-lcs (1.3)
    http-parser-lite (0.6.0)
    jaro_winkler (1.5.3)
    method_source (0.9.2)
    packetfu (1.1.13)
      pcaprub
    parallel (1.17.0)
    parser (2.6.4.1)
      ast (~> 2.4.0)
    pcaprub (0.13.0)
    pry (0.12.2)
      coderay (~> 1.1.0)
      method_source (~> 0.9.0)
    pry-byebug (3.7.0)
      byebug (~> 11.0)
      pry (~> 0.10)
    rainbow (3.0.0)
    rake (12.3.2)
    reassemble_tcp (0.0.2)
      packetfu (~> 1.1.9)
    rspec (3.8.0)
      rspec-core (~> 3.8.0)
      rspec-expectations (~> 3.8.0)
      rspec-mocks (~> 3.8.0)
    rspec-core (3.8.0)
      rspec-support (~> 3.8.0)
    rspec-expectations (3.8.2)
      diff-lcs (>= 1.2.0, < 2.0)
      rspec-support (~> 3.8.0)
    rspec-mocks (3.8.0)
      diff-lcs (>= 1.2.0, < 2.0)
      rspec-support (~> 3.8.0)
    rspec-support (3.8.0)
    rubocop (0.75.0)
      jaro_winkler (~> 1.5.1)
      parallel (~> 1.10)
      parser (>= 2.6)
      rainbow (>= 2.2.2, < 4.0)
      ruby-progressbar (~> 1.7)
      unicode-display_width (>= 1.4.0, < 1.7)
    ruby-progressbar (1.10.1)
    unicode-display_width (1.6.0)

PLATFORMS
  ruby

DEPENDENCIES
  bundler (~> 2.0)
  httpcap-rb!
  pry
  pry-byebug
  rake (~> 12.3)
  rspec (~> 3.0)
  rubocop

BUNDLED WITH
   2.0.1
